RESTRICTION: >= net46
NUGET
  remote: https://api.nuget.org/v3/index.json
    FSharp.Core (4.5.2)
    FsXaml.Wpf (3.1.6)
    OptimizedPriorityQueue (4.1.1)
    SodiumFRP.Core (5.0)
      OptimizedPriorityQueue (>= 4.1.1)
      System.ValueTuple (>= 4.4)
    SodiumFRP.FSharp (5.0)
      FSharp.Core (>= 4.5.2)
      OptimizedPriorityQueue (>= 4.1.1)
      SodiumFRP.Core (>= 5.0)
      System.ValueTuple (>= 4.4)
    System.ValueTuple (4.5)
